GEM
  remote: https://rubygems.org/
  specs:
    actioncable (6.1.1)
      actionpack (= 6.1.1)
      activesupport (= 6.1.1)
      nio4r (~> 2.0)
      websocket-driver (>= 0.6.1)
    actionmailbox (6.1.1)
      actionpack (= 6.1.1)
      activejob (= 6.1.1)
      activerecord (= 6.1.1)
      activestorage (= 6.1.1)
      activesupport (= 6.1.1)
      mail (>= 2.7.1)
    actionmailer (6.1.1)
      actionpack (= 6.1.1)
      actionview (= 6.1.1)
      activejob (= 6.1.1)
      activesupport (= 6.1.1)
      mail (~> 2.5, >= 2.5.4)
      rails-dom-testing (~> 2.0)
    actionpack (6.1.1)
      actionview (= 6.1.1)
      activesupport (= 6.1.1)
      rack (~> 2.0, >= 2.0.9)
      rack-test (>= 0.6.3)
      rails-dom-testing (~> 2.0)
      rails-html-sanitizer (~> 1.0, >= 1.2.0)
    actiontext (6.1.1)
      actionpack (= 6.1.1)
      activerecord (= 6.1.1)
      activestorage (= 6.1.1)
      activesupport (= 6.1.1)
      nokogiri (>= 1.8.5)
    actionview (6.1.1)
      activesupport (= 6.1.1)
      builder (~> 3.1)
      erubi (~> 1.4)
      rails-dom-testing (~> 2.0)
      rails-html-sanitizer (~> 1.1, >= 1.2.0)
    activejob (6.1.1)
      activesupport (= 6.1.1)
      globalid (>= 0.3.6)
    activemodel (6.1.1)
      activesupport (= 6.1.1)
    activerecord (6.1.1)
      activemodel (= 6.1.1)
      activesupport (= 6.1.1)
    activestorage (6.1.1)
      actionpack (= 6.1.1)
      activejob (= 6.1.1)
      activerecord (= 6.1.1)
      activesupport (= 6.1.1)
      marcel (~> 0.3.1)
      mimemagic (~> 0.3.2)
    activesupport (6.1.1)
      concurrent-ruby (~> 1.0, >= 1.0.2)
      i18n (>= 1.6, < 2)
      minitest (>= 5.1)
      tzinfo (~> 2.0)
      zeitwerk (~> 2.3)
    annotate (3.1.1)
      activerecord (>= 3.2, < 7.0)
      rake (>= 10.4, < 14.0)
    ast (2.4.2)
    bcrypt (3.1.16)
    bootsnap (1.6.0)
      msgpack (~> 1.0)
    builder (3.2.4)
    byebug (11.1.3)
    cancancan (3.2.1)
    childprocess (3.0.0)
    chronic (0.10.2)
    concurrent-ruby (1.1.8)
    connection_pool (2.2.3)
    crass (1.0.6)
    damerau-levenshtein (1.3.3)
    database_cleaner (2.0.1)
      database_cleaner-active_record (~> 2.0.0)
    database_cleaner-active_record (2.0.0)
      activerecord (>= 5.a)
      database_cleaner-core (~> 2.0.0)
    database_cleaner-core (2.0.1)
    diff-lcs (1.4.4)
    docile (1.3.5)
    doorkeeper (5.4.0)
      railties (>= 5)
    dotenv (2.7.6)
    dotenv-rails (2.7.6)
      dotenv (= 2.7.6)
      railties (>= 3.2)
    erubi (1.10.0)
    ethon (0.12.0)
      ffi (>= 1.3.0)
    exponent-server-sdk (0.1.0)
      typhoeus
    factory_bot (6.1.0)
      activesupport (>= 5.0.0)
    factory_bot_rails (6.1.0)
      factory_bot (~> 6.1.0)
      railties (>= 5.0.0)
    faker (2.15.1)
      i18n (>= 1.6, < 2)
    ffi (1.14.2)
    globalid (0.4.2)
      activesupport (>= 4.2.0)
    hirb (0.7.3)
    i18n (1.8.7)
      concurrent-ruby (~> 1.0)
    interactor (3.1.2)
    interactor-rails (2.2.1)
      interactor (~> 3.0)
      rails (>= 4.2)
    jbuilder (2.11.2)
      activesupport (>= 5.0.0)
    json (2.5.1)
    listen (3.4.1)
      rb-fsevent (~> 0.10, >= 0.10.3)
      rb-inotify (~> 0.9, >= 0.9.10)
    loofah (2.9.0)
      crass (~> 1.0.2)
      nokogiri (>= 1.5.9)
    mail (2.7.1)
      mini_mime (>= 0.1.1)
    marcel (0.3.3)
      mimemagic (~> 0.3.2)
    method_source (1.0.0)
    mimemagic (0.3.5)
    mini_mime (1.0.2)
    minitest (5.14.3)
    msgpack (1.4.2)
    nio4r (2.5.4)
    nokogiri (1.11.1-x86_64-linux)
      racc (~> 1.4)
    parallel (1.20.1)
    parser (3.0.0.0)
      ast (~> 2.4.1)
    pg (1.2.3)
    pg_search (2.3.5)
      activerecord (>= 5.2)
      activesupport (>= 5.2)
    puma (5.2.0)
      nio4r (~> 2.0)
    racc (1.5.2)
    rack (2.2.3)
    rack-cors (1.1.1)
      rack (>= 2.0.0)
    rack-test (1.1.0)
      rack (>= 1.0, < 3)
    rails (6.1.1)
      actioncable (= 6.1.1)
      actionmailbox (= 6.1.1)
      actionmailer (= 6.1.1)
      actionpack (= 6.1.1)
      actiontext (= 6.1.1)
      actionview (= 6.1.1)
      activejob (= 6.1.1)
      activemodel (= 6.1.1)
      activerecord (= 6.1.1)
      activestorage (= 6.1.1)
      activesupport (= 6.1.1)
      bundler (>= 1.15.0)
      railties (= 6.1.1)
      sprockets-rails (>= 2.0.0)
    rails-dom-testing (2.0.3)
      activesupport (>= 4.2.0)
      nokogiri (>= 1.6)
    rails-html-sanitizer (1.3.0)
      loofah (~> 2.3)
    railties (6.1.1)
      actionpack (= 6.1.1)
      activesupport (= 6.1.1)
      method_source
      rake (>= 0.8.7)
      thor (~> 1.0)
    rainbow (3.0.0)
    rake (13.0.3)
    rb-fsevent (0.10.4)
    rb-inotify (0.10.1)
      ffi (~> 1.0)
    redis (4.2.5)
    regexp_parser (2.0.3)
    rexml (3.2.4)
    rspec-core (3.10.1)
      rspec-support (~> 3.10.0)
    rspec-expectations (3.10.1)
      diff-lcs (>= 1.2.0, < 2.0)
      rspec-support (~> 3.10.0)
    rspec-mocks (3.10.2)
      diff-lcs (>= 1.2.0, < 2.0)
      rspec-support (~> 3.10.0)
    rspec-rails (4.0.2)
      actionpack (>= 4.2)
      activesupport (>= 4.2)
      railties (>= 4.2)
      rspec-core (~> 3.10)
      rspec-expectations (~> 3.10)
      rspec-mocks (~> 3.10)
      rspec-support (~> 3.10)
    rspec-support (3.10.2)
    rspec_junit_formatter (0.4.1)
      rspec-core (>= 2, < 4, != 2.12.0)
    rubocop (1.9.1)
      parallel (~> 1.10)
      parser (>= 3.0.0.0)
      rainbow (>= 2.2.2, < 4.0)
      regexp_parser (>= 1.8, < 3.0)
      rexml
      rubocop-ast (>= 1.2.0, < 2.0)
      ruby-progressbar (~> 1.7)
      unicode-display_width (>= 1.4.0, < 3.0)
    rubocop-ast (1.4.1)
      parser (>= 2.7.1.5)
    rubocop-rails (2.9.1)
      activesupport (>= 4.2.0)
      rack (>= 1.1)
      rubocop (>= 0.90.0, < 2.0)
    ruby-progressbar (1.11.0)
    rubyzip (2.3.0)
    selenium-webdriver (3.142.7)
      childprocess (>= 0.5, < 4.0)
      rubyzip (>= 1.2.2)
    shoulda-matchers (4.5.1)
      activesupport (>= 4.2.0)
    sidekiq (6.1.3)
      connection_pool (>= 2.2.2)
      rack (~> 2.0)
      redis (>= 4.2.0)
    simplecov (0.17.1)
      docile (~> 1.1)
      json (>= 1.8, < 3)
      simplecov-html (~> 0.10.0)
    simplecov-html (0.10.2)
    spring (2.1.1)
    spring-watcher-listen (2.0.1)
      listen (>= 2.7, < 4.0)
      spring (>= 1.2, < 3.0)
    sprockets (4.0.2)
      concurrent-ruby (~> 1.0)
      rack (> 1, < 3)
    sprockets-rails (3.2.2)
      actionpack (>= 4.0)
      activesupport (>= 4.0)
      sprockets (>= 3.0.0)
    thor (1.1.0)
    typhoeus (1.4.0)
      ethon (>= 0.9.0)
    tzinfo (2.0.4)
      concurrent-ruby (~> 1.0)
    unicode-display_width (2.0.0)
    websocket-driver (0.7.3)
      websocket-extensions (>= 0.1.0)
    websocket-extensions (0.1.5)
    whenever (1.0.0)
      chronic (>= 0.6.3)
    zeitwerk (2.4.2)

PLATFORMS
  x86_64-linux

DEPENDENCIES
  annotate
  bcrypt (~> 3.1.7)
  bootsnap (>= 1.4.2)
  byebug
  cancancan
  damerau-levenshtein
  database_cleaner
  doorkeeper
  dotenv-rails
  exponent-server-sdk
  factory_bot_rails
  faker
  hirb
  interactor-rails
  jbuilder (~> 2.7)
  listen (~> 3.2)
  nokogiri
  pg (~> 1.1)
  pg_search
  puma (~> 5.0)
  rack-cors
  rails (~> 6.1.1)
  redis (~> 4.0)
  rexml
  rspec-rails (~> 4.0.2)
  rspec_junit_formatter
  rubocop-rails
  selenium-webdriver
  shoulda-matchers
  sidekiq
  simplecov (~> 0.10, < 0.18)
  spring
  spring-watcher-listen (~> 2.0.0)
  tzinfo-data
  whenever

RUBY VERSION
   ruby 3.0.0p0

BUNDLED WITH
   2.2.5
